GEM
  remote: https://rubygems.org/
  specs:
    ansi (1.4.3)
    diff-lcs (1.2.5)
    hashie (3.3.1)
    itamae (1.0.1)
      ansi
      hashie
      specinfra (= 2.0.0)
      thor
    net-scp (1.2.1)
      net-ssh (>= 2.6.5)
    net-ssh (2.9.1)
    rake (10.3.2)
    rspec (3.0.0)
      rspec-core (~> 3.0.0)
      rspec-expectations (~> 3.0.0)
      rspec-mocks (~> 3.0.0)
    rspec-core (3.0.4)
      rspec-support (~> 3.0.0)
    rspec-expectations (3.0.4)
      diff-lcs (>= 1.2.0, < 2.0)
      rspec-support (~> 3.0.0)
    rspec-its (1.0.1)
      rspec-core (>= 2.99.0.beta1)
      rspec-expectations (>= 2.99.0.beta1)
    rspec-mocks (3.0.4)
      rspec-support (~> 3.0.0)
    rspec-support (3.0.4)
    serverspec (2.0.1)
      rspec (~> 3.0.0)
      rspec-its
      specinfra (~> 2.0)
    specinfra (2.0.0)
      net-scp
      net-ssh
    thor (0.19.1)

PLATFORMS
  ruby

DEPENDENCIES
  itamae
  rake
  serverspec
